GIT
  remote: git://github.com/aslakhellesoy/cucumber-rails.git
  revision: f3002faf12560dc7a7dc16cafb282ffbbf892029
  specs:
    cucumber-rails (0.4.0.beta.1)
      cucumber (~> 0.10.0)
      nokogiri (~> 1.4.4)
      rack-test (~> 0.5.6)

GIT
  remote: git://github.com/codegram/rack-cache.git
  revision: 151b02a2e1de8d175a445abfa5f8ccb732748207
  specs:
    rack-cache (1.0)
      rack (>= 0.4)

GIT
  remote: git://github.com/intridea/omniauth.git
  revision: 71d639d203762b521709423b023ede9c75156c0a
  specs:
    oa-core (0.2.0.beta3)
      rack (~> 1.1)
    oa-oauth (0.2.0.beta3)
      multi_json (~> 0.0.2)
      nokogiri (~> 1.4.2)
      oa-core (= 0.2.0.beta3)
      oauth (~> 0.4.0)
      oauth2 (~> 0.1.1)

GIT
  remote: git://github.com/jnicklas/capybara.git
  revision: 2666951cac7065e6178bf35829ec4f1eea8c6d9d
  specs:
    capybara (0.4.1.1)
      celerity (>= 0.7.9)
      culerity (>= 0.2.4)
      mime-types (>= 1.16)
      nokogiri (>= 1.3.3)
      rack (>= 1.0.0)
      rack-test (>= 0.5.4)
      selenium-webdriver (>= 0.0.27)
      xpath (~> 0.1.3)

GIT
  remote: git://github.com/plataformatec/devise
  revision: a48c815dc8f66ffc90de2d5d067429654a3c9f1c
  specs:
    devise (1.2.rc)
      bcrypt-ruby (~> 2.1.2)
      orm_adapter (~> 0.0.3)
      warden (~> 1.0.3)

GEM
  remote: http://rubygems.org/
  specs:
    abstract (1.0.0)
    actionmailer (3.0.4)
      actionpack (= 3.0.4)
      mail (~> 2.2.15)
    actionpack (3.0.4)
      activemodel (= 3.0.4)
      activesupport (= 3.0.4)
      builder (~> 2.1.2)
      erubis (~> 2.6.6)
      i18n (~> 0.4)
      rack (~> 1.2.1)
      rack-mount (~> 0.6.13)
      rack-test (~> 0.5.7)
      tzinfo (~> 0.3.23)
    activemodel (3.0.4)
      activesupport (= 3.0.4)
      builder (~> 2.1.2)
      i18n (~> 0.4)
    activerecord (3.0.4)
      activemodel (= 3.0.4)
      activesupport (= 3.0.4)
      arel (~> 2.0.2)
      tzinfo (~> 0.3.23)
    activeresource (3.0.4)
      activemodel (= 3.0.4)
      activesupport (= 3.0.4)
    activesupport (3.0.4)
    addressable (2.2.4)
    arel (2.0.8)
    babosa (0.2.2)
    bcrypt-ruby (2.1.4)
    builder (2.1.2)
    carrierwave (0.5.1)
      activesupport (~> 3.0)
    celerity (0.8.7)
    cells (3.5.0)
      rails (~> 3.0)
    childprocess (0.1.6)
      ffi (~> 0.6.3)
    closure-compiler (1.0.0)
    coderay (0.9.7)
    compass (0.10.6)
      haml (>= 3.0.4)
    configuration (1.2.0)
    crack (0.1.8)
    cucumber (0.10.0)
      builder (>= 2.1.2)
      diff-lcs (~> 1.1.2)
      gherkin (~> 2.3.2)
      json (~> 1.4.6)
      term-ansicolor (~> 1.0.5)
    culerity (0.2.15)
    database_cleaner (0.6.2)
    diff-lcs (1.1.2)
    erubis (2.6.6)
      abstract (>= 1.0.0)
    escape_utils (0.2.0)
    factory_girl (1.3.3)
    factory_girl_rails (1.0.1)
      factory_girl (~> 1.3)
      railties (>= 3.0.0)
    faker (0.9.5)
      i18n (~> 0.4)
    fakeweb (1.3.0)
    faraday (0.5.5)
      addressable (~> 2.2.4)
      multipart-post (~> 1.1.0)
      rack (>= 1.1.0, < 2)
    ffi (0.6.3)
      rake (>= 0.8.7)
    flash_messages_helper (0.1.0)
    friendly_id (3.2.1)
      babosa (~> 0.2.1)
    gherkin (2.3.3)
      json (~> 1.4.6)
    haml (3.0.25)
    has_scope (0.5.0)
    high_voltage (0.9.3)
    i18n (0.5.0)
    inherited_resources (1.2.1)
      has_scope (~> 0.5.0)
      responders (~> 0.6.0)
    jammit (0.6.0)
      closure-compiler (>= 0.1.0)
      yui-compressor (>= 0.9.1)
    jquery-rails (0.2.7)
      rails (~> 3.0)
      thor (~> 0.14.4)
    json (1.4.6)
    json_pure (1.5.1)
    launchy (0.3.7)
      configuration (>= 0.0.5)
      rake (>= 0.8.1)
    mail (2.2.15)
      activesupport (>= 2.3.6)
      i18n (>= 0.4.0)
      mime-types (~> 1.16)
      treetop (~> 1.4.8)
    mail_form (1.3.0)
    markdownizer (0.3.2)
      activerecord (>= 3.0.3)
      coderay
      rdiscount
    mime-types (1.16)
    mini_magick (3.2)
      subexec (~> 0.0.4)
    multi_json (0.0.5)
    multipart-post (1.1.0)
    nokogiri (1.4.4)
    oauth (0.4.4)
    oauth2 (0.1.1)
      faraday (~> 0.5.0)
      multi_json (~> 0.0.4)
    orm_adapter (0.0.4)
    pickle (0.4.4)
      cucumber (>= 0.8)
      rake
      rspec (>= 1.3)
      yard
    polyglot (0.3.1)
    rack (1.2.1)
    rack-mount (0.6.13)
      rack (>= 1.0.0)
    rack-test (0.5.7)
      rack (>= 1.0)
    rails (3.0.4)
      actionmailer (= 3.0.4)
      actionpack (= 3.0.4)
      activerecord (= 3.0.4)
      activeresource (= 3.0.4)
      activesupport (= 3.0.4)
      bundler (~> 1.0)
      railties (= 3.0.4)
    railties (3.0.4)
      actionpack (= 3.0.4)
      activesupport (= 3.0.4)
      rake (>= 0.8.7)
      thor (~> 0.14.4)
    rake (0.8.7)
    rdiscount (1.6.8)
    responders (0.6.2)
    rest-client (1.6.1)
      mime-types (>= 1.16)
    rspec (2.4.0)
      rspec-core (~> 2.4.0)
      rspec-expectations (~> 2.4.0)
      rspec-mocks (~> 2.4.0)
    rspec-core (2.4.0)
    rspec-expectations (2.4.0)
      diff-lcs (~> 1.1.2)
    rspec-mocks (2.4.0)
    rspec-rails (2.4.1)
      actionpack (~> 3.0)
      activesupport (~> 3.0)
      railties (~> 3.0)
      rspec (~> 2.4.0)
    rubyzip (0.9.4)
    selenium-webdriver (0.1.2)
      childprocess (~> 0.1.5)
      ffi (~> 0.6.3)
      json_pure
      rubyzip
    shoulda (2.11.3)
    simple-navigation (3.1.1)
      activesupport (>= 2.3.2)
    simple_form (1.3.1)
    slim (0.9.0)
      temple (~> 0.1.7)
      tilt (~> 1.2)
    sqlite3 (1.3.3)
    sqlite3-ruby (1.3.3)
      sqlite3 (>= 1.3.3)
    subexec (0.0.4)
    temple (0.1.7)
    term-ansicolor (1.0.5)
    thor (0.14.6)
    tilt (1.2.2)
    treetop (1.4.9)
      polyglot (>= 0.3.1)
    tzinfo (0.3.24)
    warden (1.0.3)
      rack (>= 1.0.0)
    will_paginate (3.0.pre2)
    xpath (0.1.3)
      nokogiri (~> 1.3)
    yard (0.6.4)
    yui-compressor (0.9.3)

PLATFORMS
  ruby

DEPENDENCIES
  arel
  capybara!
  carrierwave
  cells
  compass
  crack
  cucumber-rails!
  database_cleaner (~> 0.6.0)
  devise!
  escape_utils
  factory_girl_rails
  faker
  fakeweb
  flash_messages_helper
  friendly_id
  high_voltage
  inherited_resources
  jammit
  jquery-rails
  launchy
  mail_form
  markdownizer (>= 0.3.2)
  mini_magick
  oa-oauth!
  pickle
  rack-cache!
  rails (~> 3.0)
  rest-client
  rspec-rails (~> 2.4.0)
  shoulda
  simple-navigation
  simple_form
  slim
  sqlite3-ruby
  will_paginate (= 3.0.pre2)
