GIT
  remote: git://github.com/aslakhellesoy/cucumber-rails.git
  revision: 5fa1bd0b7b1c20eb3f44ae21acc0c1d5fecc5322
  specs:
    cucumber-rails (0.4.0)
      cucumber (>= 0.10.1)
      nokogiri (>= 1.4.4)
      rack-test (>= 0.5.7)

GIT
  remote: git://github.com/jnicklas/capybara.git
  revision: 218510e64f2fa8c2a2ccd3a709897be5dbfd1b93
  specs:
    capybara (0.4.1.1)
      mime-types (>= 1.16)
      nokogiri (>= 1.3.3)
      rack (>= 1.0.0)
      rack-test (>= 0.5.4)
      selenium-webdriver (>= 0.0.27)
      xpath (~> 0.1.3)

GIT
  remote: git://github.com/plataformatec/devise
  revision: d23a7ca8d56fb56ea102d3eed8855b0907201165
  specs:
    devise (1.3.0.dev)
      bcrypt-ruby (~> 2.1.2)
      orm_adapter (~> 0.0.3)
      warden (~> 1.0.3)

GEM
  remote: http://rubygems.org/
  specs:
    abstract (1.0.0)
    actionmailer (3.0.5)
      actionpack (= 3.0.5)
      mail (~> 2.2.15)
    actionpack (3.0.5)
      activemodel (= 3.0.5)
      activesupport (= 3.0.5)
      builder (~> 2.1.2)
      erubis (~> 2.6.6)
      i18n (~> 0.4)
      rack (~> 1.2.1)
      rack-mount (~> 0.6.13)
      rack-test (~> 0.5.7)
      tzinfo (~> 0.3.23)
    activemodel (3.0.5)
      activesupport (= 3.0.5)
      builder (~> 2.1.2)
      i18n (~> 0.4)
    activerecord (3.0.5)
      activemodel (= 3.0.5)
      activesupport (= 3.0.5)
      arel (~> 2.0.2)
      tzinfo (~> 0.3.23)
    activeresource (3.0.5)
      activemodel (= 3.0.5)
      activesupport (= 3.0.5)
    activesupport (3.0.5)
    addressable (2.2.4)
    akephalos (0.2.5)
      capybara (~> 0.4.0)
      jruby-jars
    arel (2.0.9)
    babosa (0.3.2)
    bcrypt-ruby (2.1.4)
    builder (2.1.2)
    button_form (0.0.4)
      rails (~> 3.0)
    carrierwave (0.5.3)
      activesupport (~> 3.0)
    cells (3.5.6)
      actionpack (~> 3.0.0)
      railties (~> 3.0.0)
    childprocess (0.1.8)
      ffi (~> 1.0.6)
    closure-compiler (1.1.1)
    coderay (0.9.7)
    compass (0.10.6)
      haml (>= 3.0.4)
    configuration (1.2.0)
    crack (0.1.8)
    cucumber (0.10.2)
      builder (>= 2.1.2)
      diff-lcs (>= 1.1.2)
      gherkin (>= 2.3.5)
      json (>= 1.4.6)
      term-ansicolor (>= 1.0.5)
    daemon_controller (0.2.6)
    database_cleaner (0.6.6)
    diff-lcs (1.1.2)
    em-websocket (0.2.1)
      addressable (>= 2.1.1)
      eventmachine (>= 0.12.9)
    erubis (2.6.6)
      abstract (>= 1.0.0)
    escape_utils (0.2.3)
    eventmachine (0.12.10)
    excon (0.5.8)
    factory_girl (1.3.3)
    factory_girl_rails (1.0.1)
      factory_girl (~> 1.3)
      railties (>= 3.0.0)
    faker (0.9.5)
      i18n (~> 0.4)
    faraday (0.5.7)
      addressable (~> 2.2.4)
      multipart-post (~> 1.1.0)
      rack (< 2, >= 1.1.0)
    fastthread (1.0.7)
    ffi (1.0.7)
      rake (>= 0.8.7)
    file-tail (1.0.5)
      spruz (>= 0.1.0)
    flash_messages_helper (0.2.1)
    fog (0.7.1)
      builder
      excon (>= 0.5.7)
      formatador (>= 0.1.2)
      json
      mime-types
      net-ssh (>= 2.0.23)
      nokogiri (>= 1.4.4)
      ruby-hmac
    formatador (0.1.2)
    friendly_id (3.2.1.1)
      babosa (~> 0.3.0)
    gherkin (2.3.5)
      json (>= 1.4.6)
    growl (1.0.3)
    guard (0.3.0)
      open_gem (~> 1.4.2)
      thor (~> 0.14.6)
    guard-bundler (0.1.2)
      guard (>= 0.2.2)
    guard-compass (0.0.6)
      compass (>= 0.10.5)
      guard (>= 0.2.1)
    guard-cucumber (0.3.0)
      cucumber (~> 0.10.0)
      guard (~> 0.3.0)
    guard-ego (0.0.1)
      guard (>= 0.2.1)
    guard-livereload (0.1.9)
      em-websocket (~> 0.2.0)
      guard (>= 0.2.2)
      json (~> 1.4.6)
    guard-passenger (0.3.0)
      guard (~> 0.3)
    guard-rspec (0.2.0)
      guard (>= 0.2.2)
    guard-shell (0.1.1)
      guard (>= 0.2.0)
    guard-spork (0.1.6)
      guard (>= 0.2.2)
      sfl (= 1.2)
      spork (>= 0.8.4)
    haml (3.0.25)
    has_scope (0.5.0)
    heroku (1.19.1)
      activesupport (>= 2.1.0)
      launchy (~> 0.3.2)
      rest-client (< 1.7.0, >= 1.4.0)
    high_voltage (0.9.3)
    i18n (0.5.0)
    inherited_resources (1.2.1)
      has_scope (~> 0.5.0)
      responders (~> 0.6.0)
    jammit (0.6.0)
      closure-compiler (>= 0.1.0)
      yui-compressor (>= 0.9.1)
    jammit-s3 (0.6.0.2)
      jammit (>= 0.5.4)
      mimemagic (>= 0.1.7)
      s3 (>= 0.3.7)
    jquery-rails (0.2.7)
      rails (~> 3.0)
      thor (~> 0.14.4)
    jruby-jars (1.6.0)
    json (1.4.6)
    json_pure (1.5.1)
    kaminari (0.10.4)
      rails (>= 3.0.0)
    launchy (0.3.7)
      configuration (>= 0.0.5)
      rake (>= 0.8.1)
    mail (2.2.15)
      activesupport (>= 2.3.6)
      i18n (>= 0.4.0)
      mime-types (~> 1.16)
      treetop (~> 1.4.8)
    mail_form (1.3.0)
    markdownizer (0.3.6)
      activerecord (>= 3.0.3)
      coderay
      rdiscount
    mime-types (1.16)
    mimemagic (0.1.8)
    mini_magick (3.2)
      subexec (~> 0.0.4)
    multi_json (0.0.5)
    multipart-post (1.1.0)
    net-ssh (2.1.3)
    nokogiri (1.4.4)
    oa-core (0.2.0)
      rack (~> 1.1)
    oa-oauth (0.2.0)
      multi_json (~> 0.0.2)
      nokogiri (~> 1.4.2)
      oa-core (= 0.2.0)
      oauth (~> 0.4.0)
      oauth2 (~> 0.1.1)
    oauth (0.4.4)
    oauth2 (0.1.1)
      faraday (~> 0.5.0)
      multi_json (~> 0.0.4)
    open_gem (1.4.2)
      launchy (~> 0.3.5)
    orm_adapter (0.0.4)
    passenger (3.0.5)
      daemon_controller (>= 0.2.5)
      fastthread (>= 1.0.1)
      file-tail
      rack
      rake (>= 0.8.1)
    pg (0.10.1)
    pickle (0.4.7)
      cucumber (>= 0.8)
      rake
    polyglot (0.3.1)
    proxies (0.2.1)
    rack (1.2.2)
    rack-cache (1.0.1)
      rack (>= 0.4)
    rack-mount (0.6.14)
      rack (>= 1.0.0)
    rack-test (0.5.7)
      rack (>= 1.0)
    rails (3.0.5)
      actionmailer (= 3.0.5)
      actionpack (= 3.0.5)
      activerecord (= 3.0.5)
      activeresource (= 3.0.5)
      activesupport (= 3.0.5)
      bundler (~> 1.0)
      railties (= 3.0.5)
    railties (3.0.5)
      actionpack (= 3.0.5)
      activesupport (= 3.0.5)
      rake (>= 0.8.7)
      thor (~> 0.14.4)
    rake (0.8.7)
    rb-fsevent (0.4.0)
    rdiscount (1.6.8)
    responders (0.6.2)
    rest-client (1.6.1)
      mime-types (>= 1.16)
    rspec (2.4.0)
      rspec-core (~> 2.4.0)
      rspec-expectations (~> 2.4.0)
      rspec-mocks (~> 2.4.0)
    rspec-core (2.4.0)
    rspec-expectations (2.4.0)
      diff-lcs (~> 1.1.2)
    rspec-mocks (2.4.0)
    rspec-rails (2.4.1)
      actionpack (~> 3.0)
      activesupport (~> 3.0)
      railties (~> 3.0)
      rspec (~> 2.4.0)
    ruby-hmac (0.4.0)
    rubyzip (0.9.4)
    s3 (0.3.8)
      proxies (~> 0.2.0)
    selenium-webdriver (0.1.4)
      childprocess (>= 0.1.7)
      ffi (>= 1.0.7)
      json_pure
      rubyzip
    sequel (3.20.0)
    sfl (1.2)
    shoulda (2.11.3)
    simple-navigation (3.2.0)
      activesupport (>= 2.3.2)
    simple_form (1.3.1)
    sinatra (1.0)
      rack (>= 1.0)
    slim (0.9.1)
      temple (~> 0.1.8)
      tilt (~> 1.2)
    spork (0.9.0.rc4)
    spruz (0.2.5)
    sqlite3 (1.3.3)
    sqlite3-ruby (1.3.3)
      sqlite3 (>= 1.3.3)
    subexec (0.0.4)
    taps (0.3.21)
      activesupport (>= 2.1.0)
      rack (>= 1.0.1)
      rest-client (< 1.7.0, >= 1.4.0)
      sequel (~> 3.20.0)
      sinatra (~> 1.0.0)
      sqlite3-ruby (~> 1.2)
    temple (0.1.8)
    term-ansicolor (1.0.5)
    thor (0.14.6)
    tilt (1.2.2)
    treetop (1.4.9)
      polyglot (>= 0.3.1)
    tzinfo (0.3.25)
    warden (1.0.3)
      rack (>= 1.0.0)
    xpath (0.1.3)
      nokogiri (~> 1.3)
    yui-compressor (0.9.5)

PLATFORMS
  ruby

DEPENDENCIES
  akephalos
  arel
  button_form
  capybara!
  carrierwave (~> 0.5.1)
  cells
  compass
  crack
  cucumber-rails!
  database_cleaner (~> 0.6.0)
  devise!
  escape_utils
  factory_girl_rails
  faker
  flash_messages_helper
  fog
  friendly_id
  growl
  guard (~> 0.3)
  guard-bundler
  guard-compass
  guard-cucumber
  guard-ego
  guard-livereload
  guard-passenger
  guard-rspec
  guard-shell
  guard-spork
  heroku
  high_voltage
  inherited_resources
  jammit-s3
  jquery-rails
  kaminari
  launchy
  mail_form
  markdownizer (>= 0.3.6)
  mini_magick
  oa-oauth (~> 0.2.0.beta5)
  passenger
  pg
  pickle
  rack-cache
  rails (~> 3.0)
  rb-fsevent
  rest-client
  rspec-rails (~> 2.4.0)
  shoulda
  simple-navigation
  simple_form
  slim
  spork (~> 0.9.0.rc)
  sqlite3
  taps
